GEM
  remote: http://ruby.taobao.org/
  specs:
    animate (0.2.beta.0)
      compass (>= 0.13.alpha.0)
      sass (>= 3.2.0)
    ceaser-easing (0.6.1)
      compass (>= 0.12.2)
    chunky_png (1.2.9)
    compass (0.13.alpha.10)
      chunky_png (~> 1.2)
      json
      listen (~> 1.1.0)
      sass (~> 3.3.0.rc.1)
    compass-normalize (1.4.3)
      compass (>= 0.12.0)
    compass-recipes (0.3.0)
      compass (>= 0.12.2)
      compass-normalize (>= 1.3)
      sass (>= 3.2.1)
    ffi (1.9.0)
    json (1.8.1)
    listen (1.1.6)
      rb-fsevent (>= 0.9.3)
      rb-inotify (>= 0.9)
      rb-kqueue (>= 0.2)
    rb-fsevent (0.9.3)
    rb-inotify (0.9.2)
      ffi (>= 0.5.0)
    rb-kqueue (0.2.0)
      ffi (>= 0.5.0)
    sass (3.3.0.rc.1)
      listen (~> 1.1.0)

PLATFORMS
  ruby

DEPENDENCIES
  animate (>= 0.2.beta.0)
  ceaser-easing (~> 0.6.1)
  compass (>= 0.13.alpha.4)
  compass-normalize (>= 1.3)
  compass-recipes (~> 0.3.0)
  sass (>= 3.2.0)
